PATH
  remote: .
  specs:
    bbs_exporter (1.1.2)
      activemodel (~> 6.0.0)
      activesupport (~> 6.0.0)
      addressable (~> 2.7.0)
      climate_control (~> 0.2.0)
      colorize (~> 0.8.1)
      dotenv (~> 2.7.5)
      excon (~> 0.67.0)
      faraday (~> 0.17.0)
      faraday-http-cache (~> 2.0.0)
      faraday_middleware (~> 0.13.1)
      git (~> 1.5.0)
      mime-types (~> 3.3)
      posix-spawn (~> 0.3.13)
      ruby-progressbar (~> 1.10.1)
      ruby-terminfo (~> 0.1.1)
      rugged (~> 0.28.3.1)
      ssh-fingerprint (~> 0.0.3)

GEM
  remote: https://rubygems.org/
  specs:
    activemodel (6.0.0)
      activesupport (= 6.0.0)
    activesupport (6.0.0)
      concurrent-ruby (~> 1.0, >= 1.0.2)
      i18n (>= 0.7, < 2)
      minitest (~> 5.1)
      tzinfo (~> 1.1)
      zeitwerk (~> 2.1, >= 2.1.8)
    addressable (2.7.0)
      public_suffix (>= 2.0.2, < 5.0)
    ast (2.4.0)
    binding_of_caller (0.8.0)
      debug_inspector (>= 0.0.1)
    byebug (11.0.1)
    climate_control (0.2.0)
    coderay (1.1.2)
    colorize (0.8.1)
    concurrent-ruby (1.1.5)
    crack (0.4.3)
      safe_yaml (~> 1.0.0)
    debug_inspector (0.0.3)
    diff-lcs (1.3)
    dotenv (2.7.5)
    excon (0.67.0)
    faraday (0.17.0)
      multipart-post (>= 1.2, < 3)
    faraday-http-cache (2.0.0)
      faraday (~> 0.8)
    faraday_middleware (0.13.1)
      faraday (>= 0.7.4, < 1.0)
    git (1.5.0)
    hashdiff (1.0.0)
    i18n (1.7.0)
      concurrent-ruby (~> 1.0)
    interception (0.5)
    irb (1.0.0)
    jaro_winkler (1.5.3)
    method_source (0.9.2)
    mime-types (3.3)
      mime-types-data (~> 3.2015)
    mime-types-data (3.2019.1009)
    minitest (5.12.2)
    multipart-post (2.1.1)
    parallel (1.18.0)
    parser (2.6.5.0)
      ast (~> 2.4.0)
    posix-spawn (0.3.13)
    pry (0.12.2)
      coderay (~> 1.1.0)
      method_source (~> 0.9.0)
    pry-byebug (3.7.0)
      byebug (~> 11.0)
      pry (~> 0.10)
    pry-rescue (1.5.0)
      interception (>= 0.5)
      pry (>= 0.12.0)
    pry-stack_explorer (0.4.9.3)
      binding_of_caller (>= 0.7)
      pry (>= 0.9.11)
    public_suffix (4.0.1)
    rainbow (3.0.0)
    rake (13.0.0)
    redcarpet (3.5.0)
    rspec (3.9.0)
      rspec-core (~> 3.9.0)
      rspec-expectations (~> 3.9.0)
      rspec-mocks (~> 3.9.0)
    rspec-core (3.9.0)
      rspec-support (~> 3.9.0)
    rspec-expectations (3.9.0)
      diff-lcs (>= 1.2.0, < 2.0)
      rspec-support (~> 3.9.0)
    rspec-mocks (3.9.0)
      diff-lcs (>= 1.2.0, < 2.0)
      rspec-support (~> 3.9.0)
    rspec-support (3.9.0)
    rubocop (0.75.1)
      jaro_winkler (~> 1.5.1)
      parallel (~> 1.10)
      parser (>= 2.6)
      rainbow (>= 2.2.2, < 4.0)
      ruby-progressbar (~> 1.7)
      unicode-display_width (>= 1.4.0, < 1.7)
    rubocop-github (0.13.0)
      rubocop (~> 0.70)
      rubocop-performance (~> 1.3.0)
    rubocop-performance (1.3.0)
      rubocop (>= 0.68.0)
    ruby-progressbar (1.10.1)
    ruby-terminfo (0.1.1)
    rugged (0.28.3.1)
    safe_yaml (1.0.5)
    ssh-fingerprint (0.0.3)
    thread_safe (0.3.6)
    timecop (0.9.1)
    tzinfo (1.2.5)
      thread_safe (~> 0.1)
    unicode-display_width (1.6.0)
    vcr (5.0.0)
    webmock (3.7.6)
      addressable (>= 2.3.6)
      crack (>= 0.3.2)
      hashdiff (>= 0.4.0, < 2.0.0)
    yard (0.9.20)
    zeitwerk (2.2.0)

PLATFORMS
  ruby

DEPENDENCIES
  bbs_exporter!
  bundler (~> 2.0.2)
  irb (~> 1.0.0)
  pry-byebug (~> 3.7.0)
  pry-rescue (~> 1.5.0)
  pry-stack_explorer (~> 0.4.9.3)
  rake (~> 13.0.0)
  redcarpet (~> 3.5.0)
  rspec (~> 3.9.0)
  rubocop-github (~> 0.13.0)
  timecop (~> 0.9.1)
  vcr (~> 5.0.0)
  webmock (~> 3.7.6)
  yard (~> 0.9.20)

RUBY VERSION
   ruby 2.6.3p62

BUNDLED WITH
   2.0.2
